PATH
  remote: .
  specs:
    location (0.1.0)
      iso_country_codes
      rubyzip (~> 1.1)

GEM
  remote: https://rubygems.org/
  specs:
    coderay (1.1.2)
    iso_country_codes (0.7.8)
    method_source (0.9.2)
    pry (0.12.2)
      coderay (~> 1.1.0)
      method_source (~> 0.9.0)
    rake (10.5.0)
    rubyzip (1.3.0)

PLATFORMS
  ruby

DEPENDENCIES
  bundler (~> 1.7)
  location!
  pry
  rake (~> 10.0)

BUNDLED WITH
   1.17.0
