PATH
  remote: .
  specs:
    geolist (0.1.0)
      iso_country_codes
      rubyzip (~> 1.1)

GEM
  remote: https://rubygems.org/
  specs:
    iso_country_codes (0.7.8)
    rake (12.3.3)
    rubyzip (1.3.0)

PLATFORMS
  ruby

DEPENDENCIES
  bundler (~> 1.7)
  geolist!
  rake (~> 12.3)

BUNDLED WITH
   1.17.0
